PATH
  remote: ../rulers
  specs:
    rulers (0.0.2)
      erubis (~> 2.7)
      multi_json (~> 1.10)
      pry-byebug (~> 1.3.2)
      rack (~> 1.5)

GEM
  remote: https://rubygems.org/
  specs:
    byebug (2.7.0)
      columnize (~> 0.3)
      debugger-linecache (~> 1.2)
    coderay (1.1.0)
    columnize (0.8.9)
    debugger-linecache (1.2.0)
    erubis (2.7.0)
    method_source (0.8.2)
    multi_json (1.10.1)
    pry (0.9.12.4)
      coderay (~> 1.0)
      method_source (~> 0.8)
      slop (~> 3.4)
    pry-byebug (1.3.2)
      byebug (~> 2.7)
      pry (~> 0.9.12)
    rack (1.5.2)
    slop (3.4.7)

PLATFORMS
  ruby

DEPENDENCIES
  rulers!
