PATH
  remote: ../rulers
  specs:
    rulers (0.0.2)
      rack (~> 1.5)

GEM
  remote: https://rubygems.org/
  specs:
    rack (1.5.2)

PLATFORMS
  ruby

DEPENDENCIES
  rulers!
